PATH
  remote: .
  specs:
    pwl (0.0.3)
      activemodel
      activesupport
      commander
      encryptor
      require_all
      uuid

GEM
  remote: https://rubygems.org/
  specs:
    activemodel (3.2.8)
      activesupport (= 3.2.8)
      builder (~> 3.0.0)
    activesupport (3.2.8)
      i18n (~> 0.6)
      multi_json (~> 1.0)
    builder (3.0.0)
    coderay (1.0.7)
    commander (4.1.2)
      highline (~> 1.6.11)
    coolline (0.3.0)
    encryptor (1.1.3)
    growl (1.0.3)
    guard (1.3.2)
      listen (>= 0.4.2)
      thor (>= 0.14.6)
    guard-bundler (1.0.0)
      bundler (~> 1.0)
      guard (~> 1.1)
    guard-minitest (0.5.0)
      guard (>= 0.4)
    highline (1.6.14)
    i18n (0.6.1)
    listen (0.5.0)
    macaddr (1.6.1)
      systemu (~> 2.5.0)
    method_source (0.8)
    multi_json (1.3.6)
    nokogiri (1.4.7)
    nokogiri-diff (0.1.0)
      nokogiri (~> 1.4.1)
      tdiff (~> 0.3.2)
    pry (0.9.10)
      coderay (~> 1.0.5)
      method_source (~> 0.8)
      slop (~> 3.3.1)
    rake (0.9.2.2)
    require_all (1.2.1)
    simplecov (0.6.4)
      multi_json (~> 1.0)
      simplecov-html (~> 0.5.3)
    simplecov-html (0.5.3)
    slop (3.3.2)
    systemu (2.5.2)
    tdiff (0.3.2)
    thor (0.16.0)
    uuid (2.3.5)
      macaddr (~> 1.0)

PLATFORMS
  ruby

DEPENDENCIES
  coolline
  growl
  guard-bundler
  guard-minitest
  nokogiri (~> 1.4)
  nokogiri-diff
  pry
  pwl!
  rake
  simplecov
