GEM
  remote: http://rubygems.org/
  specs:
    activemodel (3.2.3)
      activesupport (= 3.2.3)
      builder (~> 3.0.0)
    activesupport (3.2.3)
      i18n (~> 0.6)
      multi_json (~> 1.0)
    builder (3.0.0)
    coderay (1.0.6)
    commander (4.1.2)
      highline (~> 1.6.11)
    encryptor (1.1.3)
    git (1.2.5)
    highline (1.6.11)
    i18n (0.6.0)
    jeweler (1.8.3)
      bundler (~> 1.0)
      git (>= 1.2.5)
      rake
      rdoc
    json (1.7.0)
    macaddr (1.6.1)
      systemu (~> 2.5.0)
    method_source (0.7.1)
    multi_json (1.3.4)
    nokogiri (1.4.7)
    nokogiri-diff (0.1.0)
      nokogiri (~> 1.4.1)
      tdiff (~> 0.3.2)
    pry (0.9.9.6)
      coderay (~> 1.0.5)
      method_source (~> 0.7.1)
      slop (>= 2.4.4, < 3)
    rake (0.9.2.2)
    rdoc (3.12)
      json (~> 1.4)
    simplecov (0.6.2)
      multi_json (~> 1.3)
      simplecov-html (~> 0.5.3)
    simplecov-html (0.5.3)
    slop (2.4.4)
    systemu (2.5.1)
    tdiff (0.3.2)
    uuid (2.3.5)
      macaddr (~> 1.0)

PLATFORMS
  ruby

DEPENDENCIES
  activemodel (~> 3.2)
  activesupport (~> 3.2)
  bundler (~> 1.1)
  commander (~> 4.1)
  encryptor (~> 1.1)
  jeweler (~> 1.8)
  nokogiri-diff (~> 0.1)
  pry
  rake (~> 0.9)
  rdoc (~> 3.1)
  simplecov (~> 0.6)
  uuid (~> 2.3)
