GEM
  remote: http://rubygems.org/
  specs:
    activesupport (3.2.3)
      i18n (~> 0.6)
      multi_json (~> 1.0)
    blankslate (2.1.2.4)
    commander (4.1.2)
      highline (~> 1.6.11)
    encryptor (1.1.3)
    git (1.2.5)
    highline (1.6.11)
    i18n (0.6.0)
    jbuilder (0.4.0)
      activesupport (>= 3.0.0)
      blankslate (>= 2.1.2.4)
    jeweler (1.8.3)
      bundler (~> 1.0)
      git (>= 1.2.5)
      rake
      rdoc
    json (1.7.0)
    multi_json (1.3.4)
    nokogiri (1.4.7)
    nokogiri-diff (0.1.0)
      nokogiri (~> 1.4.1)
      tdiff (~> 0.3.2)
    rake (0.9.2.2)
    rdoc (3.12)
      json (~> 1.4)
    simplecov (0.6.2)
      multi_json (~> 1.3)
      simplecov-html (~> 0.5.3)
    simplecov-html (0.5.3)
    tdiff (0.3.2)

PLATFORMS
  ruby

DEPENDENCIES
  activesupport (~> 3.2)
  bundler (~> 1.1)
  commander (~> 4.1)
  encryptor (~> 1.1)
  jbuilder (~> 0.4)
  jeweler (~> 1.8)
  nokogiri-diff (~> 0.1)
  rake (~> 0.9)
  rdoc (~> 3.1)
  simplecov (~> 0.6)
